PATH
  remote: .
  specs:
    em-spec (0.1.3)
      bacon (>= 1.1.0)
      eventmachine (>= 0.12.6)
      rspec (>= 1.1.12)

GEM
  remote: http://rubygems.org/
  specs:
    bacon (1.1.0)
    diff-lcs (1.1.3)
    eventmachine (0.12.10)
    rake (0.9.2.2)
    rspec (2.8.0)
      rspec-core (~> 2.8.0)
      rspec-expectations (~> 2.8.0)
      rspec-mocks (~> 2.8.0)
    rspec-core (2.8.0)
    rspec-expectations (2.8.0)
      diff-lcs (~> 1.1.2)
    rspec-mocks (2.8.0)

PLATFORMS
  ruby

DEPENDENCIES
  em-spec!
  rake
